GEM
  remote: https://rubygems.org/
  specs:
    parslet (2.0.0)

PLATFORMS
  x64-mingw32

DEPENDENCIES
  parslet

BUNDLED WITH
   2.2.24
